GIT
  remote: git://github.com/ryanb/nested_form.git
  revision: 54da3123d9f1b14b37df608794508adccd6ac5ba
  specs:
    nested_form (0.1.1)

GIT
  remote: git://github.com/stympy/faker.git
  revision: 23303df5742e14c4876e421525180d085101a683
  specs:
    faker (1.0.1)
      i18n (~> 0.5)

GEM
  remote: http://rubygems.org/
  specs:
    RedCloth (4.2.9)
    actionmailer (3.1.10)
      actionpack (= 3.1.10)
      mail (~> 2.3.3)
    actionpack (3.1.10)
      activemodel (= 3.1.10)
      activesupport (= 3.1.10)
      builder (~> 3.0.0)
      erubis (~> 2.7.0)
      i18n (~> 0.6)
      rack (~> 1.3.6)
      rack-cache (~> 1.2)
      rack-mount (~> 0.8.2)
      rack-test (~> 0.6.1)
      sprockets (~> 2.0.4)
    activemodel (3.1.10)
      activesupport (= 3.1.10)
      builder (~> 3.0.0)
      i18n (~> 0.6)
    activerecord (3.1.10)
      activemodel (= 3.1.10)
      activesupport (= 3.1.10)
      arel (~> 2.2.3)
      tzinfo (~> 0.3.29)
    activeresource (3.1.10)
      activemodel (= 3.1.10)
      activesupport (= 3.1.10)
    activesupport (3.1.10)
      multi_json (>= 1.0, < 1.3)
    ansi (1.4.1)
    archive-tar-minitar (~> 0.6)
    arel (2.2.3)
    bcrypt-ruby (3.0.1)
    builder (3.0.4)
    cancan (1.6.7)
    client_side_validations (3.1.4)
    coffee-rails (3.1.1)
      coffee-script (>= 2.2.0)
      railties (~> 3.1.0)
    coffee-script (2.2.0)
      coffee-script-source
      execjs
    coffee-script-source (1.1.3)
    columnize (0.3.6)
    comma (3.0.3)
    daemons (1.1.8)
    devise (2.1.0)
      bcrypt-ruby (~> 3.0)
      orm_adapter (~> 0.0.7)
      railties (~> 3.1)
      warden (~> 1.1.1)
    erubis (2.7.0)
    eventmachine (0.12.10)
    execjs (1.2.12)
      multi_json (~> 1.0)
    factory_girl (3.1.1)
      activesupport (>= 3.0.0)
    factory_girl_rails (3.1.0)
      factory_girl (~> 3.1.0)
      railties (>= 3.0.0)
    fastercsv (1.5.4)
    high_voltage (1.1.1)
    hike (1.2.3)
    i18n (0.6.1)
    jquery-rails (1.0.19)
      railties (~> 3.0)
      thor (~> 0.14)
    json (1.7.6)
    linecache19 (0.5.12)
      ruby_core_source (>= 0.1.4)
    mail (2.3.3)
      i18n (>= 0.4.0)
      mime-types (~> 1.16)
      treetop (~> 1.4.8)
    mime-types (1.19)
    multi_json (1.2.0)
    orm_adapter (0.0.7)
    pg (0.13.0)
    polyglot (0.3.3)
    rack (1.3.10)
    rack-cache (1.2)
      rack (>= 0.4)
    rack-mount (0.8.3)
      rack (>= 1.0.0)
    rack-ssl (1.3.2)
      rack
    rack-test (0.6.2)
      rack (>= 1.0)
    rails (3.1.10)
      actionmailer (= 3.1.10)
      actionpack (= 3.1.10)
      activerecord (= 3.1.10)
      activeresource (= 3.1.10)
      activesupport (= 3.1.10)
      bundler (~> 1.0)
      railties (= 3.1.10)
    rails3-jquery-autocomplete (1.0.9)
      rails (~> 3.0)
    railties (3.1.10)
      actionpack (= 3.1.10)
      activesupport (= 3.1.10)
      rack-ssl (~> 1.3.2)
      rake (>= 0.8.7)
      rdoc (~> 3.4)
      thor (~> 0.14.6)
    rake (10.0.3)
    rdiscount (1.6.8)
    rdoc (3.12)
      json (~> 1.4)
    recaptcha (0.3.4)
    ruby-debug-base19 (0.11.25)
      columnize (>= 0.3.1)
      linecache19 (>= 0.5.11)
      ruby_core_source (>= 0.1.4)
    ruby-debug19 (0.11.6)
      columnize (>= 0.3.1)
      linecache19 (>= 0.5.11)
      ruby-debug-base19 (>= 0.11.19)
    ruby_core_source (0.1.5)
      archive-tar-minitar (>= 0.5.2)
    sass (3.1.11)
    sass-rails (3.1.5)
      actionpack (~> 3.1.0)
      railties (~> 3.1.0)
      sass (~> 3.1.10)
      tilt (~> 1.3.2)
    simple-tooltip (0.0.2)
      RedCloth
      jquery-rails
      rails (~> 3.0)
      rdiscount
      thor (~> 0.14.4)
    sprockets (2.0.5)
      hike (~> 1.2)
      rack (~> 1.0)
      tilt (~> 1.1, != 1.3.0)
    thin (1.3.1)
      daemons (>= 1.0.9)
      eventmachine (>= 0.12.6)
      rack (>= 1.0.0)
    thor (0.14.6)
    tilt (1.3.7)
    treetop (1.4.12)
      polyglot
      polyglot (>= 0.3.1)
    turn (0.8.2)
      ansi (>= 1.2.2)
    tzinfo (0.3.35)
    uglifier (1.1.0)
      execjs (>= 0.3.0)
      multi_json (>= 1.0.2)
    warden (1.1.1)
      rack (>= 1.0)
    wicked_pdf (0.7.5)
    will_paginate (3.0.2)

PLATFORMS
  ruby

DEPENDENCIES
  bcrypt-ruby
  cancan
  client_side_validations
  coffee-rails (~> 3.1.1)
  comma (~> 3.0)
  devise
  factory_girl_rails
  faker!
  fastercsv
  high_voltage
  jquery-rails
  nested_form!
  pg
  rails (= 3.1.10)
  rails3-jquery-autocomplete
  recaptcha
  ruby-debug19
  sass-rails (~> 3.1.5)
  simple-tooltip
  thin
  turn (= 0.8.2)
  uglifier (>= 1.0.3)
  wicked_pdf
  will_paginate (~> 3.0)

BUNDLED WITH
   1.11.2
